PATH
  remote: .
  specs:
    xenon (0.0.1)
      haml (= 4.0.5)
      pg (= 0.17.1)
      rack (= 1.5.2)

GEM
  remote: http://rubygems.org/
  specs:
    diff-lcs (1.2.5)
    haml (4.0.5)
      tilt
    pg (0.17.1)
    rack (1.5.2)
    rspec (3.0.0.beta1)
      rspec-core (= 3.0.0.beta1)
      rspec-expectations (= 3.0.0.beta1)
      rspec-mocks (= 3.0.0.beta1)
    rspec-core (3.0.0.beta1)
      rspec-support (= 3.0.0.beta1)
    rspec-expectations (3.0.0.beta1)
      diff-lcs (>= 1.1.3, < 2.0)
      rspec-support (= 3.0.0.beta1)
    rspec-mocks (3.0.0.beta1)
      rspec-support (= 3.0.0.beta1)
    rspec-support (3.0.0.beta1)
    tilt (2.0.0)

PLATFORMS
  ruby

DEPENDENCIES
  rspec (= 3.0.0.beta1)
  xenon!
